GEM
  remote: https://rubygems.org/
  specs:
    haml (4.0.1)
      tilt
    pdfkit (0.5.3)
    rack (1.4.1)
    rack-protection (1.2.0)
      rack
    sinatra (1.3.3)
      rack (~> 1.3, >= 1.3.6)
      rack-protection (~> 1.2)
      tilt (~> 1.3, >= 1.3.3)
    tilt (1.3.3)
    wkhtmltopdf-binary (0.9.9.1)
    wkhtmltopdf-heroku (1.0.0)

PLATFORMS
  ruby

DEPENDENCIES
  haml
  pdfkit
  sinatra
  wkhtmltopdf-binary
  wkhtmltopdf-heroku
